PATH
  remote: .
  specs:
    api_demo (0.1.0)
      httparty

GEM
  remote: https://rubygems.org/
  specs:
    httparty (0.18.1)
      mime-types (~> 3.0)
      multi_xml (>= 0.5.2)
    mime-types (3.3.1)
      mime-types-data (~> 3.2015)
    mime-types-data (3.2020.0512)
    multi_xml (0.6.0)
    rake (13.0.1)

PLATFORMS
  ruby

DEPENDENCIES
  api_demo!
  bundler (~> 2.0)
  rake (>= 12.3.3)

BUNDLED WITH
   2.0.2
